GEM
  remote: https://rubygems.org/
  specs:
    byebug (11.0.1)
    coderay (1.1.2)
    concurrent-ruby (1.1.5)
    dry-configurable (0.8.3)
      concurrent-ruby (~> 1.0)
      dry-core (~> 0.4, >= 0.4.7)
    dry-core (0.4.9)
      concurrent-ruby (~> 1.0)
    dry-equalizer (0.2.2)
    dry-inflector (0.1.2)
    dry-view (0.7.0)
      dry-configurable (~> 0.1)
      dry-core (~> 0.2)
      dry-equalizer (~> 0.2)
      dry-inflector (~> 0.1)
      tilt (~> 2.0, >= 2.0.6)
    ffi (1.11.1)
    hamlit (2.9.3)
      temple (>= 0.8.0)
      thor
      tilt
    hamlit-block (0.6.0)
      hamlit (>= 2.8.0)
    hanami-controller (1.3.2)
      hanami-utils (~> 1.3)
      rack (~> 2.0)
    hanami-router (1.3.1)
      hanami-utils (~> 1.3)
      http_router (= 0.11.2)
      rack (~> 2.0)
    hanami-utils (1.3.2)
      concurrent-ruby (~> 1.0)
      transproc (~> 1.0)
    http_router (0.11.2)
      rack (>= 1.0.0)
      url_mount (~> 0.2.1)
    listen (3.1.5)
      rb-fsevent (~> 0.9, >= 0.9.4)
      rb-inotify (~> 0.9, >= 0.9.7)
      ruby_dep (~> 1.2)
    method_source (0.9.2)
    pry (0.12.2)
      coderay (~> 1.1.0)
      method_source (~> 0.9.0)
    pry-byebug (3.7.0)
      byebug (~> 11.0)
      pry (~> 0.10)
    rack (2.0.7)
    rb-fsevent (0.10.3)
    rb-inotify (0.10.0)
      ffi (~> 1.0)
    ruby_dep (1.5.0)
    temple (0.8.1)
    thor (0.20.3)
    tilt (2.0.9)
    transproc (1.1.0)
    url_mount (0.2.1)
      rack
    zeitwerk (2.1.9)

PLATFORMS
  ruby

DEPENDENCIES
  byebug (~> 11.0, >= 11.0.1)
  dry-view (~> 0.7.0)
  hamlit
  hamlit-block (~> 0.6.0)
  hanami-controller (~> 1.3, >= 1.3.1)
  hanami-router (~> 1.3, >= 1.3.1)
  listen (~> 3.1, >= 3.1.5)
  pry (~> 0.12.2)
  pry-byebug (~> 3.7)
  zeitwerk (~> 2.1, >= 2.1.9)

BUNDLED WITH
   1.17.2
